GIT
  remote: git@github.com:jdfdesign/gko-cms-31.git
  revision: 36086d4624bd8c2101a2d978297a7b70692d9741
  specs:
    gko-blog (0.0.24)
      gko-core
    gko-categories (0.0.23)
      gko-core
    gko-images (0.0.43)
      dragonfly (~> 0.9.8)
      gko-core
      mime-types
      rack-cache (>= 0.5.3)
    gko-inquiry (0.0.32)
      filters_spam (~> 0.2)
      gko-core
    gko-services (0.0.1)
      gko-core
    gko-sticker (0.0.23)
      gko-core

GIT
  remote: git@github.com:jdfdesign/gko-cms-31.git
  revision: 36086d4624bd8c2101a2d978297a7b70692d9741
  specs:
    gko-features (0.0.2)
      gko-core

GIT
  remote: git@github.com:jdfdesign/gko-cms-31.git
  revision: 36086d4624bd8c2101a2d978297a7b70692d9741
  specs:
    gko-core (0.0.81)
      activesupport-slices (= 0.0.2)
      acts_as_indexed (~> 0.7.6)
      bundler (= 1.1.pre.4)
      capistrano
      coffee-rails (~> 3.1.1)
      crummy (>= 1.0.1)
      exception_notification
      faker (= 1.0.0)
      gem-patching (= 0.0.3)
      globalize3 (= 0.2.0.beta4)
      has_scope (~> 0.5.1)
      highline (= 1.6.2)
      i18n-missing_translations (= 0.0.1)
      inherited_resources (= 1.3.0)
      jquery-rails (>= 1.0.17)
      json
      minimal (= 0.0.25)
      mysql2 (= 0.3.7)
      nested_set (= 1.6.8)
      rails (= 3.1.3)
      routing-filter (= 0.2.4)
      sass-rails (~> 3.1.5.rc1)
      silence_log_tailer (= 0.0.1)
      simple_form (~> 1.5.2)
      truncate_html (~> 0.5)
      uglifier (>= 1.0.3)
      uuid (= 2.3.1)
      will_paginate (~> 3.0.0)

GIT
  remote: git@github.com:jdfdesign/gko-cms-31.git
  revision: 36086d4624bd8c2101a2d978297a7b70692d9741
  specs:
    gko-auth (0.0.31)
      cancan (= 1.6.5)
      devise (= 1.5.1)
      gko-core

GEM
  remote: http://rubygems.org/
  remote: http://rubygems.org/
  specs:
    actionmailer (3.1.3)
      actionpack (= 3.1.3)
      mail (~> 2.3.0)
    actionpack (3.1.3)
      activemodel (= 3.1.3)
      activesupport (= 3.1.3)
      builder (~> 3.0.0)
      erubis (~> 2.7.0)
      i18n (~> 0.6)
      rack (~> 1.3.5)
      rack-cache (~> 1.1)
      rack-mount (~> 0.8.2)
      rack-test (~> 0.6.1)
      sprockets (~> 2.0.3)
    activemodel (3.1.3)
      activesupport (= 3.1.3)
      builder (~> 3.0.0)
      i18n (~> 0.6)
    activerecord (3.1.3)
      activemodel (= 3.1.3)
      activesupport (= 3.1.3)
      arel (~> 2.2.1)
      tzinfo (~> 0.3.29)
    activeresource (3.1.3)
      activemodel (= 3.1.3)
      activesupport (= 3.1.3)
    activesupport (3.1.3)
      multi_json (~> 1.0)
    activesupport-slices (0.0.2)
    acts_as_indexed (0.7.7)
    arel (2.2.1)
    bcrypt-ruby (3.0.1)
    builder (3.0.0)
    cancan (1.6.5)
    capistrano (2.9.0)
      highline
      net-scp (>= 1.0.0)
      net-sftp (>= 2.0.0)
      net-ssh (>= 2.0.14)
      net-ssh-gateway (>= 1.1.0)
    coffee-rails (3.1.1)
      coffee-script (>= 2.2.0)
      railties (~> 3.1.0)
    coffee-script (2.2.0)
      coffee-script-source
      execjs
    coffee-script-source (1.2.0)
    crummy (1.3.5)
    devise (1.5.1)
      bcrypt-ruby (~> 3.0)
      orm_adapter (~> 0.0.3)
      warden (~> 1.1)
    dragonfly (0.9.8)
      rack
    erubis (2.7.0)
    exception_notification (2.5.2)
      actionmailer (>= 3.0.4)
    execjs (1.2.13)
      multi_json (~> 1.0)
    faker (1.0.0)
      i18n (~> 0.4)
    filters_spam (0.3)
    gem-patching (0.0.3)
    globalize3 (0.2.0.beta4)
      activemodel (>= 3.0.0)
      activerecord (>= 3.0.0)
      paper_trail (~> 2)
    has_scope (0.5.1)
    highline (1.6.2)
    hike (1.2.1)
    i18n (0.6.0)
    i18n-missing_translations (0.0.1)
    iconv (0.1)
    inherited_resources (1.3.0)
      has_scope (~> 0.5.0)
      responders (~> 0.6.0)
    jquery-rails (1.0.18)
      railties (~> 3.0)
      thor (~> 0.14)
    json (1.6.3)
    macaddr (1.5.0)
      systemu (>= 2.4.0)
    mail (2.3.0)
      i18n (>= 0.4.0)
      mime-types (~> 1.16)
      treetop (~> 1.4.8)
    mime-types (1.17.2)
    minimal (0.0.25)
      actionpack (>= 3.0.0)
      activesupport (>= 3.0.0)
    multi_json (1.0.4)
    mysql2 (0.3.7)
    nested_set (1.6.8)
      activerecord (>= 3.0.0)
      railties (>= 3.0.0)
    net-scp (1.0.4)
      net-ssh (>= 1.99.1)
    net-sftp (2.0.5)
      net-ssh (>= 2.0.9)
    net-ssh (2.2.1)
    net-ssh-gateway (1.1.0)
      net-ssh (>= 1.99.1)
    orm_adapter (0.0.5)
    paper_trail (2.5.0)
      rails (~> 3)
    polyglot (0.3.3)
    rack (1.3.5)
    rack-cache (1.1)
      rack (>= 0.4)
    rack-mount (0.8.3)
      rack (>= 1.0.0)
    rack-ssl (1.3.2)
      rack
    rack-test (0.6.1)
      rack (>= 1.0)
    rails (3.1.3)
      actionmailer (= 3.1.3)
      actionpack (= 3.1.3)
      activerecord (= 3.1.3)
      activeresource (= 3.1.3)
      activesupport (= 3.1.3)
      bundler (~> 1.0)
      railties (= 3.1.3)
    railties (3.1.3)
      actionpack (= 3.1.3)
      activesupport (= 3.1.3)
      rack-ssl (~> 1.3.2)
      rake (>= 0.8.7)
      rdoc (~> 3.4)
      thor (~> 0.14.6)
    rake (0.9.2.2)
    rdoc (3.12)
      json (~> 1.4)
    responders (0.6.4)
    routing-filter (0.2.4)
      actionpack
    sass (3.1.12)
    sass-rails (3.1.5)
      actionpack (~> 3.1.0)
      railties (~> 3.1.0)
      sass (~> 3.1.10)
      tilt (~> 1.3.2)
    silence_log_tailer (0.0.1)
    simple_form (1.5.2)
      actionpack (~> 3.0)
      activemodel (~> 3.0)
    sprockets (2.0.3)
      hike (~> 1.2)
      rack (~> 1.0)
      tilt (!= 1.3.0, ~> 1.1)
    systemu (2.4.1)
    thor (0.14.6)
    tilt (1.3.3)
    treetop (1.4.10)
      polyglot
      polyglot (>= 0.3.1)
    truncate_html (0.5.1)
    tzinfo (0.3.31)
    uglifier (1.2.0)
      execjs (>= 0.3.0)
      multi_json (>= 1.0.2)
    uuid (2.3.1)
      macaddr (~> 1.0)
    warden (1.1.0)
      rack (>= 1.0)
    will_paginate (3.0.2)

PLATFORMS
  ruby

DEPENDENCIES
  coffee-rails (~> 3.1.1)
  gko-auth (= 0.0.31)!
  gko-blog!
  gko-categories!
  gko-core (= 0.0.81)!
  gko-features (= 0.0.2)!
  gko-images!
  gko-inquiry!
  gko-services!
  gko-sticker!
  iconv
  sass-rails (~> 3.1.5.rc1)
  uglifier (>= 1.0.3)
